GEM
  remote: https://rubygems.org/
  specs:
    base64 (0.2.0)
    faraday (2.8.1)
      base64
      faraday-net_http (>= 2.0, < 3.1)
      ruby2_keywords (>= 0.0.4)
    faraday-net_http (3.0.2)
    nokogiri (1.15.5-x86_64-linux)
      racc (~> 1.4)
    racc (1.7.3)
    ruby2_keywords (0.0.5)

PLATFORMS
  x86_64-linux

DEPENDENCIES
  faraday (~> 2.8)
  nokogiri (~> 1.15)

BUNDLED WITH
   2.3.4
